PATH
  remote: ../erp_app
  specs:
    erp_app (4.2.0)
      codemirror-rails (= 5.11)
      compass_ae_sencha (~> 2.2)
      erp_tech_svcs (~> 4.2)
      friendly_id (= 4.0.10.1)
      inflection-js-rails (= 0.1.1)
      uglifier (~> 1.3)
      will_paginate (= 3.0.3)

PATH
  remote: ../erp_base_erp_svcs
  specs:
    erp_base_erp_svcs (4.2.0)
      acts_as_list (~> 0.9.5)
      attr_encrypted (~> 3.0.3)
      awesome_nested_set (~> 2.1)
      data_migrator (~> 2.0)
      has_many_polymorphic (~> 2.0)
      rails (~> 3.2)
      uuid (= 2.3.5)
      wisper (= 1.6.0)

PATH
  remote: ../erp_dev_svcs
  specs:
    erp_dev_svcs (4.2.0)
      erp_base_erp_svcs (~> 4.2)

PATH
  remote: ../erp_tech_svcs
  specs:
    erp_tech_svcs (4.2.0)
      aasm (= 3.0.14)
      acts-as-taggable-on (= 2.3.3)
      aws-sdk (= 1.63.0)
      chronic (= 0.10.2)
      daemons (= 1.2.3)
      delayed_job_active_record (= 0.3.3)
      erp_base_erp_svcs (~> 4.2)
      httparty (~> 0.12)
      mail_alternatives_with_attachments (= 1.0.0)
      nested-hstore (= 0.0.5)
      paperclip (= 3.3.1)
      sorcery (= 0.9.1)
      wicked_pdf (= 0.11.0)

PATH
  remote: .
  specs:
    knitkit (3.2.0)
      bootstrap3-datetimepicker-rails (~> 4.7.14)
      erp_app (~> 4.2)
      html_truncator (= 0.2)
      kramdown (= 1.0.1)
      momentjs-rails (~> 2.8)
      nokogiri (= 1.6.1)
      routing-filter (= 0.3.1)
      rubyzip (= 0.9.9)
      visual_captcha (= 0.0.2)

GEM
  remote: http://rubygems.org/
  specs:
    aasm (3.0.14)
    actionmailer (3.2.22.5)
      actionpack (= 3.2.22.5)
      mail (~> 2.5.4)
    actionpack (3.2.22.5)
      activemodel (= 3.2.22.5)
      activesupport (= 3.2.22.5)
      builder (~> 3.0.0)
      erubis (~> 2.7.0)
      journey (~> 1.0.4)
      rack (~> 1.4.5)
      rack-cache (~> 1.2)
      rack-test (~> 0.6.1)
      sprockets (~> 2.2.1)
    activemodel (3.2.22.5)
      activesupport (= 3.2.22.5)
      builder (~> 3.0.0)
    activerecord (3.2.22.5)
      activemodel (= 3.2.22.5)
      activesupport (= 3.2.22.5)
      arel (~> 3.0.2)
      tzinfo (~> 0.3.29)
    activerecord-postgres-hstore (0.7.8)
      activerecord (>= 3.1)
      pg-hstore (>= 1.1.5)
      rake
    activeresource (3.2.22.5)
      activemodel (= 3.2.22.5)
      activesupport (= 3.2.22.5)
    activesupport (3.2.22.5)
      i18n (~> 0.6, >= 0.6.4)
      multi_json (~> 1.0)
    acts-as-taggable-on (2.3.3)
      rails (~> 3.0)
    acts_as_list (0.9.7)
      activerecord (>= 3.0)
    arel (3.0.3)
    attr_encrypted (3.0.3)
      encryptor (~> 3.0.0)
    awesome_nested_set (2.1.6)
      activerecord (>= 3.0.0)
    aws-sdk (1.63.0)
      aws-sdk-v1 (= 1.63.0)
    aws-sdk-v1 (1.63.0)
      json (~> 1.4)
      nokogiri (>= 1.4.4)
    bcrypt (3.1.11)
    bootstrap3-datetimepicker-rails (4.7.14)
      momentjs-rails (>= 2.8.1)
    builder (3.0.4)
    chronic (0.10.2)
    cocaine (0.4.2)
    codemirror-rails (5.11)
      railties (>= 3.0, < 5)
    compass_ae_sencha (2.2.0)
    daemons (1.2.3)
    data_migrator (2.0.1)
      rails (~> 3.2.0)
    delayed_job (3.0.5)
      activesupport (~> 3.0)
    delayed_job_active_record (0.3.3)
      activerecord (>= 2.1.0, < 4)
      delayed_job (~> 3.0)
    diff-lcs (1.3)
    docile (1.1.5)
    encryptor (3.0.0)
    erubis (2.7.0)
    execjs (2.7.0)
    factory_girl (4.8.0)
      activesupport (>= 3.0.0)
    factory_girl_rails (4.8.0)
      factory_girl (~> 4.8.0)
      railties (>= 3.0.0)
    faraday (0.12.2)
      multipart-post (>= 1.2, < 3)
    friendly_id (4.0.10.1)
      activerecord (>= 3.0, < 4.0)
    has_many_polymorphic (2.0.5)
      rails (~> 3.2)
      rspec-rails (~> 3.6)
      simplecov (~> 0.15)
      test-unit (~> 3.0)
    hike (1.2.3)
    html_truncator (0.2.0)
      nokogiri (~> 1.4)
    httparty (0.15.6)
      multi_xml (>= 0.5.2)
    i18n (0.8.6)
    inflection-js-rails (0.1.1)
      railties (>= 3.2.0, < 5.0)
      thor (~> 0.14)
    journey (1.0.4)
    json (1.8.6)
    jwt (1.5.6)
    kramdown (1.0.1)
    macaddr (1.7.1)
      systemu (~> 2.6.2)
    mail (2.5.5)
      mime-types (~> 1.16)
      treetop (~> 1.4.8)
    mail_alternatives_with_attachments (1.0.0)
    mime-types (1.25.1)
    mini_portile (0.5.3)
    momentjs-rails (2.17.1)
      railties (>= 3.1)
    multi_json (1.12.2)
    multi_xml (0.6.0)
    multipart-post (2.0.0)
    nested-hstore (0.0.5)
      activerecord
      activerecord-postgres-hstore
      activesupport
    nokogiri (1.6.1)
      mini_portile (~> 0.5.0)
    oauth (0.5.3)
    oauth2 (1.4.0)
      faraday (>= 0.8, < 0.13)
      jwt (~> 1.0)
      multi_json (~> 1.3)
      multi_xml (~> 0.5)
      rack (>= 1.2, < 3)
    paperclip (3.3.1)
      activemodel (>= 3.0.0)
      activerecord (>= 3.0.0)
      activesupport (>= 3.0.0)
      cocaine (~> 0.4.0)
      mime-types
    pg-hstore (1.2.0)
    polyglot (0.3.5)
    power_assert (1.1.0)
    rack (1.4.7)
    rack-cache (1.7.1)
      rack (>= 0.4)
    rack-ssl (1.3.4)
      rack
    rack-test (0.6.3)
      rack (>= 1.0)
    rails (3.2.22.5)
      actionmailer (= 3.2.22.5)
      actionpack (= 3.2.22.5)
      activerecord (= 3.2.22.5)
      activeresource (= 3.2.22.5)
      activesupport (= 3.2.22.5)
      bundler (~> 1.0)
      railties (= 3.2.22.5)
    railties (3.2.22.5)
      actionpack (= 3.2.22.5)
      activesupport (= 3.2.22.5)
      rack-ssl (~> 1.3.2)
      rake (>= 0.8.7)
      rdoc (~> 3.4)
      thor (>= 0.14.6, < 2.0)
    rake (12.0.0)
    rdoc (3.12.2)
      json (~> 1.4)
    routing-filter (0.3.1)
      actionpack
    rspec-core (3.6.0)
      rspec-support (~> 3.6.0)
    rspec-expectations (3.6.0)
      diff-lcs (>= 1.2.0, < 2.0)
      rspec-support (~> 3.6.0)
    rspec-mocks (3.6.0)
      diff-lcs (>= 1.2.0, < 2.0)
      rspec-support (~> 3.6.0)
    rspec-rails (3.6.1)
      actionpack (>= 3.0)
      activesupport (>= 3.0)
      railties (>= 3.0)
      rspec-core (~> 3.6.0)
      rspec-expectations (~> 3.6.0)
      rspec-mocks (~> 3.6.0)
      rspec-support (~> 3.6.0)
    rspec-support (3.6.0)
    rubyzip (0.9.9)
    simplecov (0.15.0)
      docile (~> 1.1.0)
      json (>= 1.8, < 3)
      simplecov-html (~> 0.10.0)
    simplecov-html (0.10.2)
    sorcery (0.9.1)
      bcrypt (~> 3.1)
      oauth (~> 0.4, >= 0.4.4)
      oauth2 (>= 0.8.0)
    sprockets (2.2.3)
      hike (~> 1.2)
      multi_json (~> 1.0)
      rack (~> 1.0)
      tilt (~> 1.1, != 1.3.0)
    sqlite3 (1.3.13)
    systemu (2.6.5)
    test-unit (3.2.5)
      power_assert
    thor (0.20.0)
    tilt (1.4.1)
    treetop (1.4.15)
      polyglot
      polyglot (>= 0.3.1)
    tzinfo (0.3.53)
    uglifier (1.3.0)
      execjs (>= 0.3.0)
      multi_json (~> 1.0, >= 1.0.2)
    uuid (2.3.5)
      macaddr (~> 1.0)
    visual_captcha (0.0.2)
      json
    wicked_pdf (0.11.0)
      rails
    will_paginate (3.0.3)
    wisper (1.6.0)

PLATFORMS
  ruby

DEPENDENCIES
  erp_app!
  erp_base_erp_svcs!
  erp_dev_svcs!
  erp_tech_svcs!
  factory_girl_rails (~> 4.8)
  knitkit!
  rspec-rails (~> 3.6)
  simplecov (~> 0.15)
  sqlite3 (~> 1.3)
  test-unit (~> 3.2.5)

BUNDLED WITH
   1.15.4
